GEM
  remote: https://rubygems.org/
  specs:
    activemodel (5.2.1)
      activesupport (= 5.2.1)
    activerecord (5.2.1)
      activemodel (= 5.2.1)
      activesupport (= 5.2.1)
      arel (>= 9.0)
    activesupport (5.2.1)
      concurrent-ruby (~> 1.0, >= 1.0.2)
      i18n (>= 0.7, < 2)
      minitest (~> 5.1)
      tzinfo (~> 1.1)
    arel (9.0.0)
    backports (3.11.4)
    concurrent-ruby (1.0.5)
    diff-lcs (1.3)
    gibberish (2.1.0)
    i18n (1.1.1)
      concurrent-ruby (~> 1.0)
    json (2.1.0)
    minitest (5.11.3)
    multi_json (1.13.1)
    mustermann (1.0.3)
    pg (1.1.3)
    rack (2.1.4)
    rack-protection (2.0.4)
      rack
    rake (12.3.1)
    rspec (3.8.0)
      rspec-core (~> 3.8.0)
      rspec-expectations (~> 3.8.0)
      rspec-mocks (~> 3.8.0)
    rspec-core (3.8.0)
      rspec-support (~> 3.8.0)
    rspec-expectations (3.8.2)
      diff-lcs (>= 1.2.0, < 2.0)
      rspec-support (~> 3.8.0)
    rspec-mocks (3.8.0)
      diff-lcs (>= 1.2.0, < 2.0)
      rspec-support (~> 3.8.0)
    rspec-support (3.8.0)
    sinatra (2.0.4)
      mustermann (~> 1.0)
      rack (~> 2.0)
      rack-protection (= 2.0.4)
      tilt (~> 2.0)
    sinatra-contrib (2.0.4)
      activesupport (>= 4.0.0)
      backports (>= 2.8.2)
      multi_json
      mustermann (~> 1.0)
      rack-protection (= 2.0.4)
      sinatra (= 2.0.4)
      tilt (>= 1.3, < 3)
    thread_safe (0.3.6)
    tilt (2.0.8)
    tzinfo (1.2.5)
      thread_safe (~> 0.1)

PLATFORMS
  ruby

DEPENDENCIES
  activerecord (~> 5.2, >= 5.2.1)
  gibberish (~> 2.1)
  json (~> 2.1)
  pg (~> 1.1, >= 1.1.3)
  rack (>= 2.0.6)
  rake (~> 12.3, >= 12.3.1)
  rspec (~> 3.8)
  sinatra (~> 2.0, >= 2.0.4)
  sinatra-contrib (~> 2.0, >= 2.0.4)

BUNDLED WITH
   1.17.2
